GEM
  specs:

PLATFORMS
  x86-mingw32

DEPENDENCIES

BUNDLED WITH
   1.16.1
